GEM
  remote: https://rubygems.org/
  specs:
    activesupport (6.0.6.1)
      concurrent-ruby (~> 1.0, >= 1.0.2)
      i18n (>= 0.7, < 2)
      minitest (~> 5.1)
      tzinfo (~> 1.1)
      zeitwerk (~> 2.2, >= 2.2.2)
    clockwork (3.0.1)
      activesupport
      tzinfo
    concurrent-ruby (1.1.10)
    dotenv (2.0.1)
    dotenv-rails (2.0.1)
      dotenv (= 2.0.1)
    faraday (0.17.0)
      multipart-post (>= 1.2, < 3)
    i18n (1.12.0)
      concurrent-ruby (~> 1.0)
    json (2.2.0)
    minitest (5.17.0)
    multipart-post (2.1.1)
    slack-notify (0.5.0)
      faraday (~> 0.9)
      json (>= 1.8, <= 3.0)
    thread_safe (0.3.6)
    tzinfo (1.2.10)
      thread_safe (~> 0.1)
    zeitwerk (2.6.6)

PLATFORMS
  ruby

DEPENDENCIES
  clockwork
  dotenv-rails
  slack-notify

RUBY VERSION
   ruby 2.6.5p114

BUNDLED WITH
   2.0.2
